GEM
  remote: https://rubygems.org/
  specs:
    cairo (1.14.1)
      pkg-config (>= 1.1.5)
    pkg-config (1.1.6)

PLATFORMS
  ruby

DEPENDENCIES
  cairo
